GEM
  remote: https://rubygems.org/
  specs:
    actionpack (3.2.11)
      activemodel (= 3.2.11)
      activesupport (= 3.2.11)
      builder (~> 3.0.0)
      erubis (~> 2.7.0)
      journey (~> 1.0.4)
      rack (~> 1.4.0)
      rack-cache (~> 1.2)
      rack-test (~> 0.6.1)
      sprockets (~> 2.2.1)
    activemodel (3.2.11)
      activesupport (= 3.2.11)
      builder (~> 3.0.0)
    activesupport (3.2.11)
      i18n (~> 0.6)
      multi_json (~> 1.0)
    adamantium (0.0.4)
      backports (~> 2.6.4)
      ice_nine (~> 0.6.0)
    backports (2.6.7)
    builder (3.0.4)
    descendants_tracker (0.0.1)
    diff-lcs (1.1.3)
    equalizer (0.0.2)
      adamantium (~> 0.0.3)
      backports (~> 2.6.4)
    erubis (2.7.0)
    hike (1.2.1)
    i18n (0.6.1)
    ice_nine (0.6.0)
    journey (1.0.4)
    json (1.7.3)
    mongoid (3.0.17)
      activemodel (~> 3.1)
      moped (~> 1.2)
      origin (~> 1.0)
      tzinfo (~> 0.3.22)
    mongoid-rspec (1.5.6)
      mongoid (>= 3.0.1)
      rake
      rspec (>= 2.9)
    moped (1.3.2)
    multi_json (1.5.0)
    origin (1.0.11)
    rack (1.4.4)
    rack-cache (1.2)
      rack (>= 0.4)
    rack-ssl (1.3.2)
      rack
    rack-test (0.6.2)
      rack (>= 1.0)
    rails-api (0.0.3)
      actionpack (>= 3.2.6)
      railties (>= 3.2.6)
      tzinfo (~> 0.3.31)
    railties (3.2.11)
      actionpack (= 3.2.11)
      activesupport (= 3.2.11)
      rack-ssl (~> 1.3.2)
      rake (>= 0.8.7)
      rdoc (~> 3.4)
      thor (>= 0.14.6, < 2.0)
    rake (0.9.2.2)
    rdoc (3.12)
      json (~> 1.4)
    rspec (2.12.0)
      rspec-core (~> 2.12.0)
      rspec-expectations (~> 2.12.0)
      rspec-mocks (~> 2.12.0)
    rspec-core (2.12.2)
    rspec-expectations (2.12.1)
      diff-lcs (~> 1.1.3)
    rspec-mocks (2.12.1)
    rspec-rails (2.12.2)
      actionpack (>= 3.0)
      activesupport (>= 3.0)
      railties (>= 3.0)
      rspec-core (~> 2.12.0)
      rspec-expectations (~> 2.12.0)
      rspec-mocks (~> 2.12.0)
    sprockets (2.2.2)
      hike (~> 1.2)
      multi_json (~> 1.0)
      rack (~> 1.0)
      tilt (~> 1.1, != 1.3.0)
    thor (0.16.0)
    tilt (1.3.3)
    tzinfo (0.3.35)
    virtus (0.5.4)
      backports (~> 2.6.1)
      descendants_tracker (~> 0.0.1)
    virtus-rspec (0.0.1)

PLATFORMS
  ruby

DEPENDENCIES
  equalizer
  json
  mongoid
  mongoid-rspec
  rails-api
  railties
  rake
  rspec-rails
  virtus
  virtus-rspec
